PATH
  remote: .
  specs:
    github-trello (0.1.0)
      sinatra (~> 1.3.2)
      vegas (~> 0.1.8)

GEM
  remote: http://rubygems.org/
  specs:
    rack (1.4.1)
    rack-protection (1.2.0)
      rack
    rake (0.9.2.2)
    sinatra (1.3.2)
      rack (~> 1.3, >= 1.3.6)
      rack-protection (~> 1.2)
      tilt (~> 1.3, >= 1.3.3)
    tilt (1.3.3)
    vegas (0.1.11)
      rack (>= 1.0.0)

PLATFORMS
  x86-mingw32

DEPENDENCIES
  github-trello!
  rake
